GEM
  remote: https://rubygems.org/
  specs:
    aws-eventstream (1.4.0)
    aws-sigv4 (1.12.1)
      aws-eventstream (~> 1, >= 1.0.2)
    bigdecimal (3.2.3)
    coderay (1.1.3)
    faraday (2.13.4)
      faraday-net_http (>= 2.0, < 3.5)
      json
      logger
    faraday-net_http (3.4.1)
      net-http (>= 0.5.0)
    json (2.15.0)
    logger (1.7.0)
    method_source (1.1.0)
    multi_json (1.17.0)
    net-http (0.6.0)
      uri
    opensearch-aws-sigv4 (1.3.0)
      aws-sigv4 (>= 1)
      opensearch-ruby (>= 1.0.1, < 4.0)
    opensearch-ruby (3.4.0)
      faraday (>= 1.0, < 3)
      multi_json (>= 1.0)
    ox (2.14.23)
      bigdecimal (>= 3.0)
    pry (0.15.2)
      coderay (~> 1.1)
      method_source (~> 1.0)
    uri (1.0.3)

PLATFORMS
  ruby
  x86_64-linux

DEPENDENCIES
  opensearch-aws-sigv4
  opensearch-ruby
  ox
  pry

BUNDLED WITH
   2.7.1
